GEM
  remote: https://rubygems.org/
  specs:
<<<<<<< HEAD
    diff-lcs (1.2.5)
=======
    ast (2.1.0)
    astrolabe (1.3.1)
      parser (~> 2.2)
    diff-lcs (1.2.5)
    parser (2.2.3.0)
      ast (>= 1.1, < 3.0)
    powerpack (0.1.1)
    rainbow (2.0.0)
    rake (10.4.2)
>>>>>>> day-two
    rspec (3.4.0)
      rspec-core (~> 3.4.0)
      rspec-expectations (~> 3.4.0)
      rspec-mocks (~> 3.4.0)
<<<<<<< HEAD
    rspec-core (3.4.1)
=======
    rspec-core (3.4.0)
>>>>>>> day-two
      rspec-support (~> 3.4.0)
    rspec-expectations (3.4.0)
      diff-lcs (>= 1.2.0, < 2.0)
      rspec-support (~> 3.4.0)
<<<<<<< HEAD
    rspec-mocks (3.4.1)
      diff-lcs (>= 1.2.0, < 2.0)
      rspec-support (~> 3.4.0)
    rspec-support (3.4.1)
=======
    rspec-mocks (3.4.0)
      diff-lcs (>= 1.2.0, < 2.0)
      rspec-support (~> 3.4.0)
    rspec-support (3.4.0)
    rubocop (0.34.2)
      astrolabe (~> 1.3)
      parser (>= 2.2.2.5, < 3.0)
      powerpack (~> 0.1)
      rainbow (>= 1.99.1, < 3.0)
      ruby-progressbar (~> 1.4)
    ruby-progressbar (1.7.5)
>>>>>>> day-two

PLATFORMS
  ruby

DEPENDENCIES
<<<<<<< HEAD
  rspec

BUNDLED WITH
   1.11.2
=======
  rake
  rspec
  rubocop

BUNDLED WITH
   1.10.6
>>>>>>> day-two
